GIT
  remote: git://github.com/jeremyolliver/gvis.git
  revision: f525bc8a367c420b76d6795a9ba560e0fd7b08b7
  specs:
    gvis (2.0.3)
      json

GIT
  remote: git@github.com:jgeggatt/SeedBlocks.git
  revision: a21f2bafd3cfec7ae006a5a9b6aa2fcfc71c2739
  ref: HEAD
  specs:
    seed_blocks (3.1.0)
      agent_orange
      airbrake
      bson_ext
      carrierwave
      coffee-rails (~> 3.1.0)
      compass-rails
      curb
      date_validator
      delayed_job_active_record
      fog
      formtastic
      geoip
      gvis (>= 2.0.0)
      haml
      hipchat
      hpricot
      html5-boilerplate (~> 1.0.0)
      httparty
      imgkit
      inherited_resources
      kaminari
      koala (~> 1.5.0)
      mongo (= 1.6.2)
      mongoid (= 2.4.11)
      mongoid_fulltext
      mysql2 (~> 0.3.6)
      nokogiri
      omnicontacts
      rack-canonical-host
      rails (~> 3.1.3)
      redis (~> 2.2.2)
      rest-client
      rmagick (~> 2.12.2)
      sass-rails (= 3.1.5)
      savon
      sendgrid
      uglifier
      valium (>= 0.4.0)
      whenever
      will_paginate (~> 3.0)
      yajl-ruby
      zero-clipboard-rails

GEM
  remote: http://rubygems.org/
  specs:
    actionmailer (3.1.3)
      actionpack (= 3.1.3)
      mail (~> 2.3.0)
    actionpack (3.1.3)
      activemodel (= 3.1.3)
      activesupport (= 3.1.3)
      builder (~> 3.0.0)
      erubis (~> 2.7.0)
      i18n (~> 0.6)
      rack (~> 1.3.5)
      rack-cache (~> 1.1)
      rack-mount (~> 0.8.2)
      rack-test (~> 0.6.1)
      sprockets (~> 2.0.3)
    activemodel (3.1.3)
      activesupport (= 3.1.3)
      builder (~> 3.0.0)
      i18n (~> 0.6)
    activerecord (3.1.3)
      activemodel (= 3.1.3)
      activesupport (= 3.1.3)
      arel (~> 2.2.1)
      tzinfo (~> 0.3.29)
    activeresource (3.1.3)
      activemodel (= 3.1.3)
      activesupport (= 3.1.3)
    activesupport (3.1.3)
      multi_json (~> 1.0)
    addressable (2.2.8)
    agent_orange (0.1.4)
    airbrake (3.1.6)
      builder
      girl_friday
    akami (1.2.0)
      gyoku (>= 0.4.0)
      nokogiri (>= 1.4.0)
    annotate (2.4.0)
    ansi (1.4.2)
    arel (2.2.3)
    awesome_print (1.0.2)
    bson (1.6.4)
    bson_ext (1.6.4)
      bson (~> 1.6.4)
    builder (3.0.4)
    carrierwave (0.5.8)
      activesupport (~> 3.0)
    chronic (0.6.7)
    chunky_png (1.2.6)
    coffee-rails (3.1.1)
      coffee-script (>= 2.2.0)
      railties (~> 3.1.0)
    coffee-script (2.2.0)
      coffee-script-source
      execjs
    coffee-script-source (1.4.0)
    compass (0.12.2)
      chunky_png (~> 1.2)
      fssm (>= 0.2.7)
      sass (~> 3.1)
    compass-rails (1.0.3)
      compass (>= 0.12.2, < 0.14)
    connection_pool (0.9.2)
    curb (0.8.1)
    date_validator (0.6.3)
      activemodel (~> 3.0)
    delayed_job (3.0.3)
      activesupport (~> 3.0)
    delayed_job_active_record (0.3.3)
      activerecord (>= 2.1.0, < 4)
      delayed_job (~> 3.0)
    engineyard (1.4.29)
      engineyard-serverside-adapter (= 1.6.4)
      escape (~> 0.0.4)
      highline (~> 1.6.1)
      json_pure
      launchy (= 2.0.5)
      net-ssh (~> 2.2.1)
      rest-client (~> 1.6.0)
    engineyard-serverside-adapter (1.6.4)
      escape (~> 0.0.4)
      json_pure
    erubis (2.7.0)
    escape (0.0.4)
    excon (0.16.7)
    execjs (1.4.0)
      multi_json (~> 1.0)
    factory_girl (3.2.0)
      activesupport (>= 3.0.0)
    factory_girl_rails (3.2.0)
      factory_girl (~> 3.2.0)
      railties (>= 3.0.0)
    faraday (0.8.4)
      multipart-post (~> 1.1)
    fog (1.6.0)
      builder
      excon (~> 0.14)
      formatador (~> 0.2.0)
      mime-types
      multi_json (~> 1.0)
      net-scp (~> 1.0.4)
      net-ssh (>= 2.1.3)
      nokogiri (~> 1.5.0)
      ruby-hmac
    formatador (0.2.4)
    formtastic (2.2.1)
      actionpack (>= 3.0)
    fssm (0.2.9)
    geoip (1.2.0)
    girl_friday (0.10.0)
      connection_pool (~> 0.9.0)
    gyoku (0.4.6)
      builder (>= 2.1.2)
    haml (3.1.7)
    has_scope (0.5.1)
    highline (1.6.12)
    hike (1.2.1)
    hipchat (0.5.0)
      httparty
    hpricot (0.8.6)
    html5-boilerplate (1.0.0)
      compass (>= 0.11.1)
    httparty (0.9.0)
      multi_json (~> 1.0)
      multi_xml
    httpi (1.1.1)
      rack
    i18n (0.6.1)
    imgkit (1.3.7)
    inherited_resources (1.3.1)
      has_scope (~> 0.5.0)
      responders (~> 0.6)
    jquery-rails (1.0.19)
      railties (~> 3.0)
      thor (~> 0.14)
    json (1.7.5)
    json_pure (1.7.3)
    kaminari (0.14.1)
      actionpack (>= 3.0.0)
      activesupport (>= 3.0.0)
    koala (1.5.0)
      faraday (~> 0.7)
      multi_json (~> 1.3)
    launchy (2.0.5)
      addressable (~> 2.2.6)
    mail (2.3.3)
      i18n (>= 0.4.0)
      mime-types (~> 1.16)
      treetop (~> 1.4.8)
    metaclass (0.0.1)
    mime-types (1.19)
    mocha (0.11.4)
      metaclass (~> 0.0.1)
    mongo (1.6.2)
      bson (~> 1.6.2)
    mongoid (2.4.11)
      activemodel (~> 3.1)
      mongo (<= 1.6.2)
      tzinfo (~> 0.3.22)
    mongoid_fulltext (0.5.8)
      unicode_utils (~> 1.0.0)
    multi_json (1.3.6)
    multi_xml (0.5.1)
    multipart-post (1.1.5)
    mynyml-redgreen (0.7.1)
      term-ansicolor (>= 1.0.4)
    mysql2 (0.3.11)
    net-scp (1.0.4)
      net-ssh (>= 1.99.1)
    net-ssh (2.2.2)
    nokogiri (1.5.5)
    nori (1.1.3)
    omnicontacts (0.2.2)
      json
      rack
    polyglot (0.3.3)
    rack (1.3.6)
    rack-cache (1.2)
      rack (>= 0.4)
    rack-canonical-host (0.0.8)
      addressable
      rack (~> 1.0)
    rack-mount (0.8.3)
      rack (>= 1.0.0)
    rack-ssl (1.3.2)
      rack
    rack-test (0.6.2)
      rack (>= 1.0)
    rails (3.1.3)
      actionmailer (= 3.1.3)
      actionpack (= 3.1.3)
      activerecord (= 3.1.3)
      activeresource (= 3.1.3)
      activesupport (= 3.1.3)
      bundler (~> 1.0)
      railties (= 3.1.3)
    railties (3.1.3)
      actionpack (= 3.1.3)
      activesupport (= 3.1.3)
      rack-ssl (~> 1.3.2)
      rake (>= 0.8.7)
      rdoc (~> 3.4)
      thor (~> 0.14.6)
    rake (0.9.2.2)
    rdoc (3.12)
      json (~> 1.4)
    redis (2.2.2)
    responders (0.9.3)
      railties (~> 3.1)
    rest-client (1.6.7)
      mime-types (>= 1.16)
    rmagick (2.12.2)
    ruby-hmac (0.4.0)
    sass (3.1.21)
    sass-rails (3.1.5)
      actionpack (~> 3.1.0)
      railties (~> 3.1.0)
      sass (~> 3.1.10)
      tilt (~> 1.3.2)
    savon (1.2.0)
      akami (~> 1.2.0)
      builder (>= 2.1.2)
      gyoku (~> 0.4.5)
      httpi (~> 1.1.0)
      nokogiri (>= 1.4.0)
      nori (~> 1.1.0)
      wasabi (~> 2.5.0)
    sendgrid (1.1.0)
      json
      json
    shoulda (3.0.1)
      shoulda-context (~> 1.0.0)
      shoulda-matchers (~> 1.0.0)
    shoulda-context (1.0.0)
    shoulda-matchers (1.0.0)
    sprockets (2.0.4)
      hike (~> 1.2)
      rack (~> 1.0)
      tilt (~> 1.1, != 1.3.0)
    term-ansicolor (1.0.7)
    test-unit (2.4.9)
    test_benchmark (0.4.7)
    thor (0.14.6)
    tilt (1.3.3)
    treetop (1.4.11)
      polyglot
      polyglot (>= 0.3.1)
    turn (0.9.5)
      ansi
    tzinfo (0.3.33)
    uglifier (1.3.0)
      execjs (>= 0.3.0)
      multi_json (~> 1.0, >= 1.0.2)
    unicode_utils (1.0.0)
    valium (0.5.0)
      activerecord (>= 3.0.2)
    wasabi (2.5.1)
      httpi (~> 1.0)
      nokogiri (>= 1.4.0)
    whenever (0.7.3)
      activesupport (>= 2.3.4)
      chronic (~> 0.6.3)
    will_paginate (3.0.3)
    yajl-ruby (1.1.0)
    zero-clipboard-rails (1.0.1)
      railties (~> 3.0)
      thor (~> 0.14)

PLATFORMS
  ruby

DEPENDENCIES
  airbrake
  annotate
  awesome_print
  coffee-rails (~> 3.1.0)
  compass-rails
  engineyard
  factory_girl (~> 3.2.0)
  factory_girl_rails (~> 3.2.0)
  gvis!
  jquery-rails
  koala
  mocha
  mynyml-redgreen
  rails (= 3.1.3)
  sass-rails (~> 3.1.0)
  seed_blocks!
  sendgrid
  shoulda
  test-unit
  test_benchmark
  turn
  uglifier
